GEM
  remote: https://rubygems.org/
  specs:
    activemodel (3.2.3)
      activesupport (= 3.2.3)
      builder (~> 3.0.0)
    activesupport (3.2.3)
      i18n (~> 0.6)
      multi_json (~> 1.0)
    builder (3.0.0)
    cutest (1.1.3)
    i18n (0.6.0)
    multi_json (1.2.0)
    rake (0.9.2.2)

PLATFORMS
  ruby

DEPENDENCIES
  activemodel
  cutest
  rake
